GIT
  remote: git://github.com/cehoffman/textpow
  revision: c43e87fa41c9d57964408bf586071947a5ca7f4c
  specs:
    textpow (0.2)

GEM
  remote: http://rubygems.org/
  specs:
    choice (0.1.4)

PLATFORMS
  ruby

DEPENDENCIES
  choice (>= 0.1.0)
  textpow (= 0.2)!
