GEM
  remote: http://rubygems.org/
  specs:
    choice (0.1.4)
    plist (3.1.0)
    textpow19 (0.11.0)
      plist (>= 3.0.1)

PLATFORMS
  ruby

DEPENDENCIES
  bundler
  choice (>= 0.1.0)
  textpow19 (>= 0.1)
